GIT
  remote: git://github.com/cloudfoundry/common.git
  revision: b96ec1192d961925d91e17ca3831f8547489d918
  ref: b96ec1192
  specs:
    vcap_logging (1.0.2)
      rake

GIT
  remote: git://github.com/cloudfoundry/eventmachine.git
  revision: 2806c630d8631d5dcf9fb2555f665b829052aabe
  branch: release-0.12.11-cf
  specs:
    eventmachine (0.12.11.cloudfoundry.3)

GIT
  remote: git://github.com/cloudfoundry/vcap-services-base.git
  revision: db367f3166b7ee63c8a4b4d40fd948babc407370
  ref: db367f31
  specs:
    vcap_services_base (0.1.16)
      curb (~> 0.7.16)
      datamapper (~> 1.1.0)
      do_sqlite3 (~> 0.10.3)
      em-http-request (~> 1.0.0.beta.3)
      eventmachine (~> 0.12.11.cloudfoundry.3)
      eventmachine_httpserver (~> 0.2.1)
      json (~> 1.4.6)
      nats (~> 0.4.22.beta.8)
      resque (~> 1.20)
      resque-status (~> 0.3.2)
      ruby-hmac (~> 0.4.0)
      rubyzip (~> 0.9.8)
      sinatra (~> 1.2.3)
      thin (~> 1.3.1)
      uuidtools (~> 2.1.2)
      vcap_common (>= 1.0.8)
      vcap_logging (>= 1.0.2)
      warden-client (~> 0.0.6)
      warden-protocol (~> 0.0.5)

GIT
  remote: git://github.com/cloudfoundry/warden.git
  revision: 21f9a32ab501a6485c9a4e7aff4f9b6f40e31e3c
  ref: 21f9a32ab50
  specs:
    warden-client (0.0.6)
      warden-protocol
    warden-protocol (0.0.5)
      beefcake

GIT
  remote: https://github.com/cloudfoundry/vcap-common.git
  revision: fd6b6d91b19c551cf5091c8469595df923dd2612
  ref: fd6b6d91
  specs:
    vcap_common (2.0.7)
      em-http-request (~> 1.0.0.beta3)
      eventmachine
      httpclient
      membrane (~> 0.0.2)
      mime-types
      multipart-post
      nats (~> 0.4.24)
      posix-spawn (~> 0.3.6)
      thin
      yajl-ruby (~> 0.8.3)

GEM
  remote: http://rubygems.org/
  specs:
    addressable (2.2.8)
    bcrypt-ruby (2.1.4)
    beefcake (0.3.7)
    builder (3.0.0)
    ci_reporter (1.7.0)
      builder (>= 2.1.2)
    curb (0.7.18)
    daemons (1.1.8)
    data_objects (0.10.8)
      addressable (~> 2.1)
    datamapper (1.1.0)
      dm-aggregates (= 1.1.0)
      dm-constraints (= 1.1.0)
      dm-core (= 1.1.0)
      dm-migrations (= 1.1.0)
      dm-serializer (= 1.1.0)
      dm-timestamps (= 1.1.0)
      dm-transactions (= 1.1.0)
      dm-types (= 1.1.0)
      dm-validations (= 1.1.0)
    diff-lcs (1.1.3)
    dm-aggregates (1.1.0)
      dm-core (~> 1.1.0)
    dm-constraints (1.1.0)
      dm-core (~> 1.1.0)
    dm-core (1.1.0)
      addressable (~> 2.2.4)
    dm-do-adapter (1.1.0)
      data_objects (~> 0.10.2)
      dm-core (~> 1.1.0)
    dm-migrations (1.1.0)
      dm-core (~> 1.1.0)
    dm-serializer (1.1.0)
      dm-core (~> 1.1.0)
      fastercsv (~> 1.5.4)
      json (~> 1.4.6)
    dm-sqlite-adapter (1.1.0)
      dm-do-adapter (~> 1.1.0)
      do_sqlite3 (~> 0.10.2)
    dm-timestamps (1.1.0)
      dm-core (~> 1.1.0)
    dm-transactions (1.1.0)
      dm-core (~> 1.1.0)
    dm-types (1.1.0)
      bcrypt-ruby (~> 2.1.4)
      dm-core (~> 1.1.0)
      fastercsv (~> 1.5.4)
      json (~> 1.4.6)
      stringex (~> 1.2.0)
      uuidtools (~> 2.1.2)
    dm-validations (1.1.0)
      dm-core (~> 1.1.0)
    do_sqlite3 (0.10.8)
      data_objects (= 0.10.8)
    em-http-request (1.0.0.beta.3)
      addressable (>= 2.2.3)
      em-socksify
      eventmachine
      http_parser.rb (>= 0.5.1)
    em-socksify (0.1.0)
      eventmachine
    eventmachine_httpserver (0.2.1)
    fastercsv (1.5.5)
    http_parser.rb (0.5.3)
    httpclient (2.3.0.1)
    json (1.4.6)
    json_pure (1.7.3)
    macaddr (1.6.1)
      systemu (~> 2.5.0)
    membrane (0.0.2)
    mime-types (1.19)
    multi_json (1.3.6)
    multipart-post (1.1.5)
    nats (0.4.24)
      daemons (>= 1.1.5)
      eventmachine (>= 0.12.10)
      json_pure (>= 1.7.3)
      thin (>= 1.3.1)
    posix-spawn (0.3.6)
    rack (1.4.1)
    rake (0.9.2.2)
    redis (3.0.1)
    redis-namespace (1.2.1)
      redis (~> 3.0.0)
    redisk (0.2.2)
      redis (>= 0.1.1)
      redis-namespace (>= 0.1.0)
    resque (1.22.0)
      multi_json (~> 1.0)
      redis-namespace (~> 1.0)
      sinatra (>= 0.9.2)
      vegas (~> 0.1.2)
    resque-status (0.3.3)
      redisk (>= 0.2.1)
      resque (~> 1.19)
      uuid (~> 2.3)
    rspec (2.10.0)
      rspec-core (~> 2.10.0)
      rspec-expectations (~> 2.10.0)
      rspec-mocks (~> 2.10.0)
    rspec-core (2.10.1)
    rspec-expectations (2.10.0)
      diff-lcs (~> 1.1.3)
    rspec-mocks (2.10.1)
    ruby-hmac (0.4.0)
    rubyzip (0.9.9)
    simplecov (0.6.4)
      multi_json (~> 1.0)
      simplecov-html (~> 0.5.3)
    simplecov-html (0.5.3)
    simplecov-rcov (0.2.3)
      simplecov (>= 0.4.1)
    sinatra (1.2.8)
      rack (~> 1.1)
      tilt (>= 1.2.2, < 2.0)
    stringex (1.2.2)
    systemu (2.5.2)
    thin (1.3.1)
      daemons (>= 1.0.9)
      eventmachine (>= 0.12.6)
      rack (>= 1.0.0)
    tilt (1.3.3)
    uuid (2.3.5)
      macaddr (~> 1.0)
    uuidtools (2.1.3)
    vegas (0.1.11)
      rack (>= 1.0.0)
    yajl-ruby (0.8.3)

PLATFORMS
  ruby

DEPENDENCIES
  ci_reporter
  datamapper (= 1.1.0)
  dm-sqlite-adapter
  do_sqlite3
  em-http-request
  eventmachine!
  nats (>= 0.4.8)
  rake
  rspec
  ruby-hmac
  simplecov
  simplecov-rcov
  sinatra (~> 1.2.3)
  thin
  uuidtools
  vcap_common!
  vcap_logging!
  vcap_services_base!
  warden-client!
  warden-protocol!
